PATH
  remote: .
  specs:
    yquotes_signal_tools (0.1.0)
      yquotes (~> 2.1.0)

GEM
  remote: https://rubygems.org/
  specs:
    backports (3.11.0)
    daru (0.1.6)
      backports
    diff-lcs (1.3)
    mini_portile2 (2.3.0)
    minitest (5.5.0)
    nokogiri (1.8.1)
      mini_portile2 (~> 2.3.0)
    rspec (3.7.0)
      rspec-core (~> 3.7.0)
      rspec-expectations (~> 3.7.0)
      rspec-mocks (~> 3.7.0)
    rspec-core (3.7.0)
      rspec-support (~> 3.7.0)
    rspec-expectations (3.7.0)
      diff-lcs (>= 1.2.0, < 2.0)
      rspec-support (~> 3.7.0)
    rspec-mocks (3.7.0)
      diff-lcs (>= 1.2.0, < 2.0)
      rspec-support (~> 3.7.0)
    rspec-support (3.7.0)
    yquotes (2.1.0)
      daru (~> 0.1.5)
      nokogiri (~> 1)

PLATFORMS
  ruby

DEPENDENCIES
  minitest (~> 5.5.0, >= 5.5.0)
  rspec (= 3.7.0)
  yquotes_signal_tools!

BUNDLED WITH
   1.14.6
